GEM
  remote: https://rubygems.org/
  specs:
    daemons (1.2.5)
    diff-lcs (1.3)
    rspec (3.7.0)
      rspec-core (~> 3.7.0)
      rspec-expectations (~> 3.7.0)
      rspec-mocks (~> 3.7.0)
    rspec-core (3.7.0)
      rspec-support (~> 3.7.0)
    rspec-expectations (3.7.0)
      diff-lcs (>= 1.2.0, < 2.0)
      rspec-support (~> 3.7.0)
    rspec-mocks (3.7.0)
      diff-lcs (>= 1.2.0, < 2.0)
      rspec-support (~> 3.7.0)
    rspec-support (3.7.0)
    webrick (1.3.1)

PLATFORMS
  ruby

DEPENDENCIES
  daemons (~> 1.2)
  rspec (~> 3.7)
  webrick (~> 1.3)

BUNDLED WITH
   1.16.0
